GEM
  remote: https://rubygems.org/
  specs:
    concurrent-ruby (1.0.5)
    connection_pool (2.2.1)
    dotenv (2.0.2)
    pg (0.20.0)
    rack (2.0.3)
    rack-protection (1.5.3)
      rack
    rake (12.0.0)
    redis (3.3.2)
    sequel (4.48.0)
    sidekiq (4.2.7)
      concurrent-ruby (~> 1.0)
      connection_pool (~> 2.2, >= 2.2.0)
      rack-protection (>= 1.5.0)
      redis (~> 3.2, >= 3.2.1)

PLATFORMS
  ruby

DEPENDENCIES
  dotenv
  pg
  rake
  sequel
  sidekiq

BUNDLED WITH
   1.15.1
